PATH
  remote: .
  specs:
    spymemcached.jruby (1.0.8-java)

GEM
  remote: https://rubygems.org/
  specs:
    power_assert (0.1.4)
    rake (10.3.2)
    rake-compiler (0.9.3)
      rake
    test-unit (3.0.2)
      power_assert

PLATFORMS
  java

DEPENDENCIES
  rake
  rake-compiler (~> 0.9, >= 0.9.2)
  spymemcached.jruby!
  test-unit
